PATH
  remote: .
  specs:
    cableguy (0.5.1.pre2)
      sequel
      sqlite3
      thor

GEM
  remote: https://rubygems.org/
  specs:
    faraday (0.11.0)
      multipart-post (>= 1.2, < 3)
    gemfury (0.7.0)
      faraday (>= 0.9.0, < 0.12.0.pre)
      highline (~> 1.6)
      multi_json (~> 1.10)
      netrc (>= 0.10.0, < 0.12.0.pre)
      thor (>= 0.14.0, < 1.0.0.pre)
    highline (1.7.10)
    minitest (5.10.3)
    multi_json (1.12.2)
    multipart-post (2.0.0)
    netrc (0.11.0)
    rake (12.3.0)
    sequel (5.3.0)
    sqlite3 (1.3.13)
    thor (0.20.0)

PLATFORMS
  ruby

DEPENDENCIES
  cableguy!
  gemfury
  minitest
  rake

BUNDLED WITH
   1.16.0
